PATH
  remote: .
  specs:
    gem_sample_pruby (0.1.0)
      json (>= 1.7.3)
      nokogiri

GEM
  remote: https://rubygems.org/
  specs:
    json (2.3.0)
    mini_portile2 (2.4.0)
    minitest (5.14.0)
    nokogiri (1.10.7)
      mini_portile2 (~> 2.4.0)
    rake (12.3.3)

PLATFORMS
  ruby

DEPENDENCIES
  gem_sample_pruby!
  minitest (~> 5.0)
  rake (~> 12.0)

BUNDLED WITH
   2.1.4
